GEM
  specs:
    jekyll-compose (0.2.1)

PLATFORMS
  ruby

DEPENDENCIES
  jekyll-compose
